PATH
  remote: .
  specs:
    words-path (0.0.0)
      infraruby-base (~> 4.0)

GEM
  remote: https://rubygems.org/
  specs:
    diff-lcs (1.2.5)
    infraruby-base (4.0.0)
    infraruby-task (4.0.0)
      infraruby-base (~> 4.0)
      rake (~> 10.4)
    rake (10.5.0)
    rspec (3.4.0)
      rspec-core (~> 3.4.0)
      rspec-expectations (~> 3.4.0)
      rspec-mocks (~> 3.4.0)
    rspec-core (3.4.4)
      rspec-support (~> 3.4.0)
    rspec-expectations (3.4.0)
      diff-lcs (>= 1.2.0, < 2.0)
      rspec-support (~> 3.4.0)
    rspec-mocks (3.4.1)
      diff-lcs (>= 1.2.0, < 2.0)
      rspec-support (~> 3.4.0)
    rspec-support (3.4.1)

PLATFORMS
  ruby

DEPENDENCIES
  infraruby-task (~> 4.0)
  rspec (~> 3.0)
  words-path!

BUNDLED WITH
   1.11.2
